GEM
  remote: http://rubygems.org/
  specs:
    activesupport (5.2.4.3)
      concurrent-ruby (~> 1.0, >= 1.0.2)
      i18n (>= 0.7, < 2)
      minitest (~> 5.1)
      tzinfo (~> 1.1)
    byebug (9.0.6)
    concurrent-ruby (1.1.6)
    diff-lcs (1.3)
    i18n (1.8.2)
      concurrent-ruby (~> 1.0)
    knapsack_pro (1.21.0)
      rake
    minitest (5.14.1)
    rake (13.0.1)
    rspec-core (3.5.4)
      rspec-support (~> 3.5.0)
    rspec-expectations (3.5.0)
      diff-lcs (>= 1.2.0, < 2.0)
      rspec-support (~> 3.5.0)
    rspec-mocks (3.5.0)
      diff-lcs (>= 1.2.0, < 2.0)
      rspec-support (~> 3.5.0)
    rspec-support (3.5.0)
    thread_safe (0.3.6)
    tzinfo (1.2.7)
      thread_safe (~> 0.1)

PLATFORMS
  ruby

DEPENDENCIES
  activesupport
  byebug
  knapsack_pro
  rake
  rspec-core (~> 3.5.0)
  rspec-expectations (~> 3.5.0)
  rspec-mocks (~> 3.5.0)

BUNDLED WITH
   1.17.3
